GEM
  remote: http://rubygems.org/
  specs:
    carrot (1.2.0)
    columnize (0.3.6)
    debugger (1.2.3)
      columnize (>= 0.3.1)
      debugger-linecache (~> 1.1.1)
      debugger-ruby_core_source (~> 1.1.5)
    debugger-linecache (1.1.2)
      debugger-ruby_core_source (>= 1.1.1)
    debugger-ruby_core_source (1.1.6)

PLATFORMS
  ruby

DEPENDENCIES
  carrot
  debugger
